GEM
  remote: https://rubygems.org/
  specs:
    daemons (1.1.9)
    diff-lcs (1.2.5)
    dotenv (0.10.0)
    emoji_data (0.0.3)
    eventmachine (1.0.3)
    foreman (0.63.0)
      dotenv (>= 0.7)
      thor (>= 0.13.6)
    hiredis (0.5.1)
    newrelic_rpm (3.7.3.204)
    oj (2.6.1)
    rack (1.5.2)
    rack-protection (1.5.2)
      rack
    redis (3.0.7)
    rspec (2.14.1)
      rspec-core (~> 2.14.0)
      rspec-expectations (~> 2.14.0)
      rspec-mocks (~> 2.14.0)
    rspec-core (2.14.8)
    rspec-expectations (2.14.5)
      diff-lcs (>= 1.1.3, < 2.0)
    rspec-mocks (2.14.6)
    sinatra (1.4.4)
      rack (~> 1.4)
      rack-protection (~> 1.4)
      tilt (~> 1.3, >= 1.3.4)
    thin (1.6.2)
      daemons (>= 1.0.9)
      eventmachine (>= 1.0.0)
      rack (>= 1.0.0)
    thor (0.19.1)
    tilt (1.4.1)

PLATFORMS
  ruby

DEPENDENCIES
  emoji_data (~> 0.0.3)
  foreman (~> 0.63.0)
  hiredis (~> 0.5.1)
  newrelic_rpm
  oj (~> 2.6.1)
  redis (~> 3.0.6)
  rspec (~> 2.14.1)
  sinatra (~> 1.4.4)
  thin (~> 1.6.2)
